GIT
  remote: https://github.com/openSUSE/obs_deploy.git
  revision: 6f453f7c383b8a049198b708c9dc32bed474413b
  specs:
    obs_deploy (0.4.1)
      cheetah
      dry-cli
      git_diff_parser
      nokogiri

GIT
  remote: https://github.com/openSUSE/obs_github_deployments.git
  revision: 1daa18bf82d5dba067eef2239cf0d2e35edfe9fb
  specs:
    obs_github_deployments (0.1.0)
      activesupport
      dry-cli (~> 0.6)
      octokit (~> 4.20)
      zeitwerk (~> 2.4)

GEM
  remote: https://rubygems.org/
  specs:
    abstract_method (1.2.1)
    activesupport (7.0.7.2)
      concurrent-ruby (~> 1.0, >= 1.0.2)
      i18n (>= 1.6, < 2)
      minitest (>= 5.1)
      tzinfo (~> 2.0)
    addressable (2.8.0)
      public_suffix (>= 2.0.2, < 5.0)
    cheetah (0.5.2)
      abstract_method (~> 1.2)
    concurrent-ruby (1.2.2)
    dotenv (2.7.6)
    dry-cli (0.7.0)
    faraday (1.8.0)
      faraday-em_http (~> 1.0)
      faraday-em_synchrony (~> 1.0)
      faraday-excon (~> 1.1)
      faraday-httpclient (~> 1.0.1)
      faraday-net_http (~> 1.0)
      faraday-net_http_persistent (~> 1.1)
      faraday-patron (~> 1.0)
      faraday-rack (~> 1.0)
      multipart-post (>= 1.2, < 3)
      ruby2_keywords (>= 0.0.4)
    faraday-em_http (1.0.0)
    faraday-em_synchrony (1.0.0)
    faraday-excon (1.1.0)
    faraday-httpclient (1.0.1)
    faraday-net_http (1.0.1)
    faraday-net_http_persistent (1.2.0)
    faraday-patron (1.0.0)
    faraday-rack (1.0.0)
    git_diff_parser (3.2.0)
    i18n (1.14.1)
      concurrent-ruby (~> 1.0)
    mini_portile2 (2.8.1)
    minitest (5.19.0)
    multipart-post (2.1.1)
    nokogiri (1.14.3)
      mini_portile2 (~> 2.8.0)
      racc (~> 1.4)
    octokit (4.21.0)
      faraday (>= 0.9)
      sawyer (~> 0.8.0, >= 0.5.3)
    public_suffix (4.0.6)
    racc (1.6.2)
    ruby2_keywords (0.0.5)
    sawyer (0.8.2)
      addressable (>= 2.3.5)
      faraday (> 0.8, < 2.0)
    tzinfo (2.0.6)
      concurrent-ruby (~> 1.0)
    zeitwerk (2.6.6)

PLATFORMS
  ruby

DEPENDENCIES
  dotenv
  obs_deploy!
  obs_github_deployments!

BUNDLED WITH
   2.2.21
